GIT
  remote: https://github.com/schacon/showoff
  revision: 52d064a3c653fb90a9cf6f069ff16f4c76942ce6
  specs:
    showoff (0.7.0)
      gli (>= 1.3.2)
      json
      nokogiri
      parslet
      redcarpet
      sinatra (~> 1.3)

GEM
  remote: http://rubygems.org/
  specs:
    blankslate (2.1.2.4)
    capture_stdout (0.0.1)
    chunky_png (1.2.5)
    coffee-script (2.2.0)
      coffee-script-source
      execjs
    coffee-script-source (1.3.1)
    compass (0.12.1)
      chunky_png (~> 1.2)
      fssm (>= 0.2.7)
      sass (~> 3.1)
    daemons (1.1.8)
    escape_utils (0.2.4)
    eventmachine (0.12.10)
    execjs (1.3.0)
      multi_json (~> 1.0)
    foreman (0.42.0)
      thor (>= 0.13.6)
    fssm (0.2.9)
    gli (1.6.0)
    json (1.6.6)
    multi_json (1.3.2)
    nokogiri (1.5.2)
    parslet (1.3.0)
      blankslate (~> 2.0)
    pdfkit (0.5.2)
    rack (1.4.1)
    rack-protection (1.2.0)
      rack
    redcarpet (2.1.1)
    rmagick (2.13.1)
    sass (3.1.15)
    sinatra (1.3.2)
      rack (~> 1.3, >= 1.3.6)
      rack-protection (~> 1.2)
      tilt (~> 1.3, >= 1.3.3)
    slim (1.2.0)
      temple (~> 0.4.0)
      tilt (~> 1.3.3)
    temple (0.4.0)
    thin (1.3.1)
      daemons (>= 1.0.9)
      eventmachine (>= 0.12.6)
      rack (>= 1.0.0)
    thor (0.14.6)
    tilt (1.3.3)

PLATFORMS
  ruby

DEPENDENCIES
  capture_stdout
  coffee-script
  compass
  escape_utils
  foreman
  pdfkit
  rmagick
  sass
  showoff!
  sinatra
  slim
  thin
