GIT
  remote: https://github.com/schacon/showoff.git
  revision: 335e142e4a2f8c17c3e1d0ec67d708c45b82ba3b
  specs:
    showoff (0.7.0)
      bluecloth
      gli (>= 1.3.2)
      json
      nokogiri
      parslet
      sinatra

GEM
  remote: http://rubygems.org/
  specs:
    blankslate (2.1.2.4)
    bluecloth (2.1.0)
    capture_stdout (0.0.1)
    chunky_png (1.2.5)
    coffee-script (2.2.0)
      coffee-script-source
      execjs
    coffee-script-source (1.1.2)
    compass (0.11.5)
      chunky_png (~> 1.2)
      fssm (>= 0.2.7)
      sass (~> 3.1)
    daemons (1.1.4)
    escape_utils (0.2.4)
    eventmachine (0.12.10)
    execjs (1.2.9)
      multi_json (~> 1.0)
    foreman (0.25.0)
      term-ansicolor (~> 1.0.5)
      thor (>= 0.13.6)
    fssm (0.2.7)
    gli (1.3.4)
    json (1.6.1)
    multi_json (1.0.3)
    nokogiri (1.5.0)
    parslet (1.2.3)
      blankslate (~> 2.0)
    pdfkit (0.5.2)
    rack (1.3.5)
    rack-protection (1.1.4)
      rack
    rmagick (2.13.1)
    sass (3.1.10)
    sinatra (1.3.1)
      rack (>= 1.3.4, ~> 1.3)
      rack-protection (>= 1.1.2, ~> 1.1)
      tilt (>= 1.3.3, ~> 1.3)
    slim (1.0.3)
      temple (~> 0.3.4)
      tilt (~> 1.3.2)
    temple (0.3.4)
    term-ansicolor (1.0.7)
    thin (1.2.11)
      daemons (>= 1.0.9)
      eventmachine (>= 0.12.6)
      rack (>= 1.0.0)
    thor (0.14.6)
    tilt (1.3.3)

PLATFORMS
  ruby

DEPENDENCIES
  capture_stdout
  coffee-script
  compass
  escape_utils
  foreman
  pdfkit
  rmagick
  sass
  showoff!
  sinatra
  slim
  thin
