GEM
  remote: http://rubygems.org/
  specs:
    bluecloth (2.1.0)
    capture_stdout (0.0.1)
    chunky_png (1.2.0)
    coffee-script (2.2.0)
      coffee-script-source
      execjs
    coffee-script-source (1.1.1)
    compass (0.11.5)
      chunky_png (~> 1.2)
      fssm (>= 0.2.7)
      sass (~> 3.1)
    daemons (1.1.4)
    escape_utils (0.2.3)
    eventmachine (0.12.10)
    execjs (1.2.0)
      multi_json (~> 1.0)
    foreman (0.19.0)
      term-ansicolor (~> 1.0.5)
      thor (>= 0.13.6)
    fssm (0.2.7)
    gli (1.3.2)
    json (1.5.3)
    multi_json (1.0.3)
    nokogiri (1.5.0)
    pdfkit (0.5.2)
    rack (1.3.0)
    rmagick (2.13.1)
    sass (3.1.4)
    showoff (0.4.2)
      bluecloth
      gli (>= 1.2.5)
      json
      nokogiri
      sinatra
    sinatra (1.2.6)
      rack (~> 1.1)
      tilt (< 2.0, >= 1.2.2)
    slim (0.9.4)
      temple (~> 0.3.0)
      tilt (~> 1.2)
    temple (0.3.2)
    term-ansicolor (1.0.5)
    thin (1.2.11)
      daemons (>= 1.0.9)
      eventmachine (>= 0.12.6)
      rack (>= 1.0.0)
    thor (0.14.6)
    tilt (1.3.2)

PLATFORMS
  ruby

DEPENDENCIES
  capture_stdout
  coffee-script
  compass
  escape_utils
  foreman
  pdfkit
  rmagick
  sass
  showoff
  sinatra (~> 1.2.6)
  slim
  thin
